GEM
  remote: https://www.rubygems.org/
  specs:
    browserstack-local (1.3.0)
    childprocess (3.0.0)
    power_assert (1.1.6)
    rake (13.0.1)
    rubyzip (1.3.0)
    selenium-webdriver (3.142.7)
      childprocess (>= 0.5, < 4.0)
      rubyzip (>= 1.2.2)
    test-unit (3.3.5)
      power_assert

PLATFORMS
  ruby

DEPENDENCIES
  browserstack-local
  rake
  selenium-webdriver
  test-unit

BUNDLED WITH
   1.17.3
